PATH
  remote: .
  specs:
    grubby (0.1.0)
      thor (~> 1.0.0)

GEM
  remote: https://rubygems.org/
  specs:
    minitest (5.14.2)
    rake (12.3.3)
    thor (1.0.1)

PLATFORMS
  ruby

DEPENDENCIES
  grubby!
  minitest (~> 5.0)
  rake (~> 12.0)

BUNDLED WITH
   2.1.4
