PATH
  remote: .
  specs:
    grubby (0.0.1)
      thor (~> 1.0.0)

GEM
  remote: https://rubygems.org/
  specs:
    thor (1.0.1)

PLATFORMS
  ruby

DEPENDENCIES
  grubby!

BUNDLED WITH
   2.1.4
